GIT
  remote: https://github.com/rubymotion/BubbleWrap
  revision: f04c957ac73638390e960508666bc86ab3b09c3d
  specs:
    bubble-wrap (1.3.0)

GEM
  remote: https://rubygems.org/
  specs:
    rake (10.1.0)

PLATFORMS
  ruby

DEPENDENCIES
  bubble-wrap!
  rake
