GEM
  specs:
    bubble-wrap (1.3.0)
    formotion (1.5.0)
      bubble-wrap (~> 1.3.0)
      motion-require (~> 0.0.3)
    motion-require (0.0.7)
    motion-testflight (1.5)

PLATFORMS
  ruby

DEPENDENCIES
  bubble-wrap (= 1.3.0)
  formotion (= 1.5.0)
  motion-testflight (= 1.5)
